PATH
  remote: .
  specs:
    tsm (0.1.1)

GEM
  remote: https://rubygems.org/
  specs:
    awesome_print (1.8.0)
    commander (4.4.7)
      highline (~> 2.0.0)
    highline (2.0.2)
    logger (1.3.0)
    rake (10.5.0)

PLATFORMS
  ruby

DEPENDENCIES
  awesome_print
  bundler (~> 1.16)
  commander
  logger
  rake (~> 10.0)
  tsm!

BUNDLED WITH
   1.16.0
