PATH
  remote: .
  specs:
    tsm (0.1.0)

GEM
  remote: https://rubygems.org/
  specs:
    awesome_print (1.8.0)
    commander (4.4.4)
      highline (~> 1.7.2)
    highline (1.7.10)
    logger (1.2.8)
    rake (10.5.0)

PLATFORMS
  ruby

DEPENDENCIES
  awesome_print
  bundler (~> 1.16)
  commander
  logger
  rake (~> 10.0)
  tsm!

BUNDLED WITH
   1.16.0
