PATH
  remote: .
  specs:
    protect_connect (0.1.2.pre.m.1)
      haml
      optimist (~> 3.0)
      sinatra

GEM
  remote: https://rubygems.org/
  specs:
    awesome_print (1.8.0)
    commander (4.5.2)
      highline (~> 2.0.0)
    diff-lcs (1.3)
    haml (5.1.2)
      temple (>= 0.8.0)
      tilt
    highline (2.0.3)
    logger (1.4.2)
    mustermann (1.1.1)
      ruby2_keywords (~> 0.0.1)
    optimist (3.0.0)
    rack (2.2.3)
    rack-protection (2.0.8.1)
      rack
    rake (10.5.0)
    rspec (3.9.0)
      rspec-core (~> 3.9.0)
      rspec-expectations (~> 3.9.0)
      rspec-mocks (~> 3.9.0)
    rspec-core (3.9.1)
      rspec-support (~> 3.9.1)
    rspec-expectations (3.9.1)
      diff-lcs (>= 1.2.0, < 2.0)
      rspec-support (~> 3.9.0)
    rspec-mocks (3.9.1)
      diff-lcs (>= 1.2.0, < 2.0)
      rspec-support (~> 3.9.0)
    rspec-support (3.9.2)
    ruby2_keywords (0.0.2)
    sinatra (2.0.8.1)
      mustermann (~> 1.0)
      rack (~> 2.0)
      rack-protection (= 2.0.8.1)
      tilt (~> 2.0)
    temple (0.8.2)
    tilt (2.0.10)
    yaml (0.1.0)

PLATFORMS
  ruby

DEPENDENCIES
  awesome_print
  bundler (~> 1.16)
  commander
  logger
  optimist
  protect_connect!
  rake (~> 10.0)
  rspec (~> 3.2)
  yaml

BUNDLED WITH
   1.17.1
