PATH
  remote: .
  specs:
    protect_connect (0.1.2.pre.m.1)
      haml
      optimist (~> 3.0)
      sinatra

GEM
  remote: https://rubygems.org/
  specs:
    awesome_print (1.8.0)
    commander (4.4.7)
      highline (~> 2.0.0)
    diff-lcs (1.3)
    haml (5.1.1)
      temple (>= 0.8.0)
      tilt
    highline (2.0.2)
    logger (1.3.0)
    mustermann (1.0.3)
    optimist (3.0.0)
    rack (2.0.7)
    rack-protection (2.0.5)
      rack
    rake (10.5.0)
    rspec (3.9.0)
      rspec-core (~> 3.9.0)
      rspec-expectations (~> 3.9.0)
      rspec-mocks (~> 3.9.0)
    rspec-core (3.9.0)
      rspec-support (~> 3.9.0)
    rspec-expectations (3.9.0)
      diff-lcs (>= 1.2.0, < 2.0)
      rspec-support (~> 3.9.0)
    rspec-mocks (3.9.0)
      diff-lcs (>= 1.2.0, < 2.0)
      rspec-support (~> 3.9.0)
    rspec-support (3.9.0)
    sinatra (2.0.5)
      mustermann (~> 1.0)
      rack (~> 2.0)
      rack-protection (= 2.0.5)
      tilt (~> 2.0)
    temple (0.8.1)
    tilt (2.0.9)

PLATFORMS
  ruby

DEPENDENCIES
  awesome_print
  bundler (~> 1.16)
  commander
  logger
  optimist
  protect_connect!
  rake (~> 10.0)
  rspec (~> 3.2)

BUNDLED WITH
   1.17.2
